GEM
  remote: https://rubygems.org/
  specs:
    actionpack (5.1.1)
      actionview (= 5.1.1)
      activesupport (= 5.1.1)
      rack (~> 2.0)
      rack-test (~> 0.6.3)
      rails-dom-testing (~> 2.0)
      rails-html-sanitizer (~> 1.0, >= 1.0.2)
    actionview (5.1.1)
      activesupport (= 5.1.1)
      builder (~> 3.1)
      erubi (~> 1.4)
      rails-dom-testing (~> 2.0)
      rails-html-sanitizer (~> 1.0, >= 1.0.3)
    activesupport (5.1.1)
      concurrent-ruby (~> 1.0, >= 1.0.2)
      i18n (~> 0.7)
      minitest (~> 5.1)
      tzinfo (~> 1.1)
    babel-source (5.8.35)
    babel-transpiler (0.7.0)
      babel-source (>= 4.0, < 6)
      execjs (~> 2.0)
    builder (3.2.3)
    concurrent-ruby (1.0.5)
    connection_pool (2.2.1)
    erubi (1.6.0)
    erubis (2.7.0)
    execjs (2.7.0)
    hike (1.2.3)
    hyper-react (0.11.0)
      opal (>= 0.8.0)
      opal-activesupport (>= 0.2.0)
      react-rails
    i18n (0.8.4)
    loofah (2.0.3)
      nokogiri (>= 1.5.9)
    method_source (0.8.2)
    mini_portile2 (2.1.0)
    minitest (5.10.2)
    nokogiri (1.7.2)
      mini_portile2 (~> 2.1.0)
    opal (0.10.4)
      hike (~> 1.2)
      sourcemap (~> 0.1.0)
      sprockets (~> 3.1)
      tilt (>= 1.4)
    opal-activesupport (0.3.0)
      opal (>= 0.5.0, < 1.0.0)
    opal-browser (0.2.0)
      opal
      paggio
    opal-jquery (0.4.2)
      opal (>= 0.7.0, < 0.11.0)
    paggio (0.2.6)
    rack (2.0.3)
    rack-test (0.6.3)
      rack (>= 1.0)
    rails-dom-testing (2.0.3)
      activesupport (>= 4.2.0)
      nokogiri (>= 1.6)
    rails-html-sanitizer (1.0.3)
      loofah (~> 2.0)
    railties (5.1.1)
      actionpack (= 5.1.1)
      activesupport (= 5.1.1)
      method_source
      rake (>= 0.8.7)
      thor (>= 0.18.1, < 2.0)
    rake (12.0.0)
    react-rails (2.2.0)
      babel-transpiler (>= 0.7.0)
      connection_pool
      execjs
      railties (>= 3.2)
      tilt
    roda (2.26.0)
      rack
    sourcemap (0.1.1)
    sprockets (3.7.1)
      concurrent-ruby (~> 1.0)
      rack (> 1, < 3)
    thor (0.19.4)
    thread_safe (0.3.6)
    tilt (2.0.7)
    tzinfo (1.2.3)
      thread_safe (~> 0.1)

PLATFORMS
  ruby

DEPENDENCIES
  erubis (~> 2.7)
  hyper-react (~> 0.11.0)
  opal (~> 0.10.4)
  opal-browser (~> 0.2.0)
  opal-jquery (~> 0.4.2)
  roda (~> 2.23)
  tilt (~> 2.0, >= 2.0.6)

RUBY VERSION
   ruby 2.4.0p0

BUNDLED WITH
   1.13.7
